PATH
  remote: .
  specs:
    xferase (0.1.4)
      debouncer (~> 0.2)
      photein (~> 0.1, >= 0.1.6)
      rb-inotify (~> 0.10)

GEM
  remote: https://rubygems.org/
  specs:
    coderay (1.1.3)
    command-builder (0.3.2)
      pipe-run (>= 0.2.1)
    debouncer (0.2.2)
    diff-lcs (1.5.1)
    ffi (1.17.0-arm64-darwin)
    ffi (1.17.0-x86_64-linux-gnu)
    hash-utils (2.2.0)
      ruby-version (>= 0.4.0)
    logger (1.6.3)
    mediainfo (1.5.0)
    method_source (1.1.0)
    mini_exiftool (2.12.1)
      ostruct (>= 0.6.0)
      pstore (>= 0.1.3)
    mini_magick (4.13.2)
    multi_json (1.15.0)
    nokogiri (1.17.2-arm64-darwin)
      racc (~> 1.4)
    nokogiri (1.17.2-x86_64-linux)
      racc (~> 1.4)
    optipng (0.2.1)
      command-builder (>= 0.2.0)
      unix-whereis (>= 0.1.0)
    ostruct (0.6.1)
    photein (0.1.6)
      logger (~> 1.6)
      mediainfo (~> 1.5)
      mini_exiftool (~> 2.10)
      mini_magick (~> 4.11)
      nokogiri (~> 1.11)
      optipng (~> 0.2)
      ostruct (~> 0.6)
      pstore (~> 0.1)
      rexml (~> 3.4)
      streamio-ffmpeg (~> 3.0)
    pipe-run (0.3.0)
    pry (0.15.0)
      coderay (~> 1.1)
      method_source (~> 1.0)
    pstore (0.1.4)
    racc (1.8.1)
    rb-inotify (0.11.1)
      ffi (~> 1.0)
    rexml (3.4.0)
    rspec (3.13.0)
      rspec-core (~> 3.13.0)
      rspec-expectations (~> 3.13.0)
      rspec-mocks (~> 3.13.0)
    rspec-core (3.13.2)
      rspec-support (~> 3.13.0)
    rspec-expectations (3.13.3)
      diff-lcs (>= 1.2.0, < 2.0)
      rspec-support (~> 3.13.0)
    rspec-mocks (3.13.2)
      diff-lcs (>= 1.2.0, < 2.0)
      rspec-support (~> 3.13.0)
    rspec-support (3.13.2)
    ruby-version (0.4.3)
    streamio-ffmpeg (3.0.2)
      multi_json (~> 1.8)
    unix-whereis (0.1.1)
      command-builder (>= 0.2.0)
      hash-utils (>= 0.18.0)

PLATFORMS
  arm64-darwin-23
  x86_64-linux

DEPENDENCIES
  pry (~> 0.14)
  rspec (~> 3.10)
  xferase!

BUNDLED WITH
   2.5.23
