PATH
  remote: .
  specs:
    xferase (0.1.13)
      debouncer (~> 0.2)
      photein (~> 0.2, >= 0.2.12)
      rb-inotify (~> 0.10)

GEM
  remote: https://rubygems.org/
  specs:
    activesupport (8.0.1)
      base64
      benchmark (>= 0.3)
      bigdecimal
      concurrent-ruby (~> 1.0, >= 1.3.1)
      connection_pool (>= 2.2.5)
      drb
      i18n (>= 1.6, < 2)
      logger (>= 1.4.2)
      minitest (>= 5.1)
      securerandom (>= 0.3)
      tzinfo (~> 2.0, >= 2.0.5)
      uri (>= 0.13.1)
    base64 (0.2.0)
    benchmark (0.4.0)
    bigdecimal (3.1.9)
    coderay (1.1.3)
    command-builder (0.3.2)
      pipe-run (>= 0.2.1)
    concurrent-ruby (1.3.4)
    connection_pool (2.4.1)
    debouncer (0.2.2)
    diff-lcs (1.5.1)
    drb (2.2.1)
    ffi (1.17.0-arm64-darwin)
    ffi (1.17.0-x86_64-linux-gnu)
    hash-utils (2.2.0)
      ruby-version (>= 0.4.0)
    i18n (1.14.6)
      concurrent-ruby (~> 1.0)
    logger (1.6.3)
    mediainfo (1.5.0)
    method_source (1.1.0)
    mini_exiftool (2.14.0)
      ostruct (>= 0.6.0)
      pstore (>= 0.1.3)
    mini_magick (4.13.2)
    minitest (5.25.4)
    multi_json (1.15.0)
    nokogiri (1.17.2-arm64-darwin)
      racc (~> 1.4)
    nokogiri (1.17.2-x86_64-linux)
      racc (~> 1.4)
    optipng (0.2.1)
      command-builder (>= 0.2.0)
      unix-whereis (>= 0.1.0)
    ostruct (0.6.1)
    photein (0.2.12)
      activesupport (~> 8.0)
      logger (~> 1.6)
      mediainfo (~> 1.5)
      mini_exiftool (~> 2.14)
      mini_magick (~> 4.11)
      nokogiri (~> 1.11)
      optipng (~> 0.2)
      ostruct (~> 0.6)
      pstore (~> 0.1)
      rexml (~> 3.4)
      streamio-ffmpeg (~> 3.0)
      tzinfo (~> 2.0)
      wheretz (~> 0.0)
    pipe-run (0.3.0)
    pry (0.15.0)
      coderay (~> 1.1)
      method_source (~> 1.0)
    pstore (0.1.4)
    racc (1.8.1)
    rb-inotify (0.11.1)
      ffi (~> 1.0)
    rexml (3.4.0)
    rspec (3.13.0)
      rspec-core (~> 3.13.0)
      rspec-expectations (~> 3.13.0)
      rspec-mocks (~> 3.13.0)
    rspec-core (3.13.2)
      rspec-support (~> 3.13.0)
    rspec-expectations (3.13.3)
      diff-lcs (>= 1.2.0, < 2.0)
      rspec-support (~> 3.13.0)
    rspec-mocks (3.13.2)
      diff-lcs (>= 1.2.0, < 2.0)
      rspec-support (~> 3.13.0)
    rspec-support (3.13.2)
    ruby-version (0.4.3)
    securerandom (0.4.1)
    streamio-ffmpeg (3.0.2)
      multi_json (~> 1.8)
    tzinfo (2.0.6)
      concurrent-ruby (~> 1.0)
    unix-whereis (0.1.1)
      command-builder (>= 0.2.0)
      hash-utils (>= 0.18.0)
    uri (1.0.2)
    wheretz (0.0.6)

PLATFORMS
  arm64-darwin-23
  x86_64-linux

DEPENDENCIES
  pry (~> 0.14)
  rspec (~> 3.10)
  xferase!

BUNDLED WITH
   2.5.23
